GEM
  remote: https://rubygems.org/
  specs:
    mysql2 (0.5.2-x86-mingw32)

PLATFORMS
  x86-mingw32

DEPENDENCIES
  mysql2

BUNDLED WITH
   1.16.6
